GEM
  remote: https://rubygems.org/
  specs:
    colorize (0.8.1)
    metaclass (0.0.4)
    mocha (1.3.0)
      metaclass (~> 0.0.1)
    parallel (1.12.1)
    parallel_tests (2.21.0)
      parallel

PLATFORMS
  x64-mingw32

DEPENDENCIES
  colorize
  mocha
  parallel_tests

BUNDLED WITH
   1.16.1
